GEM
  remote: http://rubygems.org/
  specs:
    SystemTimer (1.2)
    activemodel (3.0.3)
      activesupport (= 3.0.3)
      builder (~> 2.1.2)
      i18n (~> 0.4)
    activesupport (3.0.3)
    adapter (0.5.2)
    adapter-redis (0.5.1)
      adapter (~> 0.5.1)
      redis (~> 2.1.1)
    builder (2.1.2)
    columnize (0.3.2)
    i18n (0.4.2)
    json (1.5.1)
    linecache (0.43)
    rack (1.2.1)
    redis (2.1.1)
    ruby-debug (0.10.4)
      columnize (>= 0.1)
      ruby-debug-base (~> 0.10.4.0)
    ruby-debug-base (0.10.4)
      linecache (>= 0.3)
    simple_uuid (0.1.2)
    sinatra (1.1.2)
      rack (~> 1.1)
      tilt (~> 1.2)
    tilt (1.2.2)
    toystore (0.5)
      activemodel (~> 3.0.3)
      activesupport (~> 3.0.3)
      adapter (~> 0.5.1)
      simple_uuid (~> 0.1.1)

PLATFORMS
  ruby

DEPENDENCIES
  SystemTimer (= 1.2)
  adapter-redis (= 0.5.1)
  json (= 1.5.1)
  ruby-debug
  sinatra (= 1.1.2)
  toystore (= 0.5)
